PATH
  remote: .
  specs:
    content-preview (0.1rc)
      content-preview
      json
      nokogiri
      rack-cors
      rack-test
      rake
      thor

GEM
  remote: http://rubygems.org/
  specs:
    diff-lcs (1.1.3)
    json (1.7.5)
    nokogiri (1.5.5)
    rack (1.4.1)
    rack-cors (0.2.7)
      rack
    rack-test (0.6.1)
      rack (>= 1.0)
    rake (0.9.2.2)
    rspec (2.11.0)
      rspec-core (~> 2.11.0)
      rspec-expectations (~> 2.11.0)
      rspec-mocks (~> 2.11.0)
    rspec-core (2.11.1)
    rspec-expectations (2.11.2)
      diff-lcs (~> 1.1.3)
    rspec-mocks (2.11.2)
    thor (0.16.0)

PLATFORMS
  ruby

DEPENDENCIES
  content-preview!
  rspec
